GEM
  remote: https://rubygems.org/
  specs:
    daemons (1.1.9)
    ffi (1.9.3)
    pi_piper (1.3.2)
      ffi
    sqlite3 (1.3.9)

PLATFORMS
  ruby

DEPENDENCIES
  daemons
  pi_piper
  sqlite3
