GEM
  remote: https://rubygems.org/
  specs:
    daemons (1.3.1)
    rpi_gpio (0.3.3)
    sqlite3 (1.4.1)

PLATFORMS
  ruby

DEPENDENCIES
  daemons
  rpi_gpio
  sqlite3

BUNDLED WITH
   2.0.2
